GEM
  remote: https://rubygems.org/
  specs:
    addressable (2.8.1)
      public_suffix (>= 2.0.2, < 6.0)
    json-schema (2.8.0)
      addressable (>= 2.4)
    public_suffix (5.0.0)
    rufo (0.13.0)

PLATFORMS
  ruby

DEPENDENCIES
  json-schema (~> 2.5, >= 2.5.1)
  rufo

BUNDLED WITH
   1.11.2
